PATH
  remote: .
  specs:
    g2o (1.0)

GEM
  remote: http://rubygems.org/
  specs:
    rack (1.2.2)
    rack-test (0.5.7)
      rack (>= 1.0)
    riot (0.12.3)
      rr
    rr (1.0.2)
    warden (1.0.3)
      rack (>= 1.0.0)

PLATFORMS
  ruby

DEPENDENCIES
  g2o!
  rack
  rack-test
  riot
  warden
